FRAMEWORK: >= NET45
NUGET
  remote: http://api.nuget.org/v3/index.json
  specs:
    FSharp.Charting (0.90.13)
    FSharp.Data (2.2.5)
    FSharp.Management (0.1.1)
    PowerShellTypeProvider (0.3.1)
      FSharp.Management (>= 0.1.0)
    R.NET.Community (1.5.15)
    R.NET.Community.FSharp (0.1.8)
      R.NET.Community (>= 1.5.15)
    RProvider (1.0.17)
      R.NET.Community (1.5.15)
      R.NET.Community.FSharp (0.1.8)
    SQLProvider (0.0.9-alpha)
