FRAMEWORK: >= NET452
NUGET
  remote: https://nuget.org/api/v2
  specs:
    EventStore.Client (3.3.1)
    FSharp.Data (2.2.5)
    Microsoft.Data.Edm (5.6.3)
    Microsoft.Data.OData (5.6.3)
      Microsoft.Data.Edm (5.6.3)
      System.Spatial (5.6.3)
    Microsoft.Data.Services.Client (5.6.3)
      Microsoft.Data.OData (5.6.3)
    Microsoft.WindowsAzure.ConfigurationManager (2.0.3)
    Newtonsoft.Json (6.0.5)
    NLog (3.1.0)
    SQLProvider (0.0.9-alpha)
    System.Spatial (5.6.3)
    WindowsAzure.Storage (4.3.0)
      Microsoft.Data.OData (>= 5.6.2)
      Microsoft.Data.Services.Client (>= 5.6.2)
      Microsoft.WindowsAzure.ConfigurationManager (>= 1.8.0.0)
      Newtonsoft.Json (>= 5.0.8)
  remote: https://jet.myget.org/F/jenkins/auth/9a8911cc-da03-4136-acfe-4f7b9a4fa3d6
  specs:
    Marvel.AzureStorage.FSharp (2.0.28)
      Marvel.FSharp (>= 2.0.376)
      Marvel.Json.FSharp (>= 1.0.376)
      Microsoft.Data.Edm (>= 5.6.3)
      Microsoft.Data.OData (>= 5.6.3)
      Microsoft.Data.Services.Client (>= 5.6.3)
      Microsoft.WindowsAzure.ConfigurationManager (>= 2.0.3)
      Newtonsoft.Json (>= 6.0.5)
      NLog (>= 3.1.0.0)
      System.Spatial (>= 5.6.3)
      WindowsAzure.Storage (>= 4.3.0)
    Marvel.EventStore.FSharp (2.0.120)
      EventStore.Client (>= 3.0.2)
      Marvel.FSharp (>= 2.0.386)
      Marvel.Json.FSharp (>= 1.0.386)
      Newtonsoft.Json (>= 6.0.5)
      NLog (>= 3.1.0.0)
    Marvel.FSharp (2.0.386)
      NLog (>= 3.1.0.0)
    Marvel.Json.FSharp (1.0.386)
      Marvel.FSharp (>= 2.0.357)
      Newtonsoft.Json (>= 6.0.5)
    Nova.Api (1.0.0057)
      Marvel.AzureStorage.FSharp (>= 2.0.28)
      Marvel.EventStore.FSharp (>= 2.0.71)
      Marvel.FSharp (>= 2.0.376)
      Marvel.Json.FSharp (>= 1.0.376)
    Torch.Host.Api (0.0.0.3)
